GIT
  remote: https://github.com/intridea/hashie.git
  revision: 6d21c6868512603e77a340827ec91ecd3bcef078
  specs:
    hashie (2.0.0.beta)

GEM
  remote: http://rubygems.org/
  specs:
    activesupport (3.2.3)
      i18n (~> 0.6)
      multi_json (~> 1.0)
    builder (3.0.0)
    diff-lcs (1.1.3)
    git (1.2.5)
    httparty (0.8.3)
      multi_json (~> 1.0)
      multi_xml
    i18n (0.6.0)
    jeweler (1.8.3)
      bundler (~> 1.0)
      git (>= 1.2.5)
      rake
      rdoc
    json (1.6.6)
    multi_json (1.3.2)
    multi_xml (0.4.4)
    rake (0.9.2.2)
    rdoc (3.12)
      json (~> 1.4)
    rspec (2.8.0)
      rspec-core (~> 2.8.0)
      rspec-expectations (~> 2.8.0)
      rspec-mocks (~> 2.8.0)
    rspec-core (2.8.0)
    rspec-expectations (2.8.0)
      diff-lcs (~> 1.1.2)
    rspec-mocks (2.8.0)
    vcr (2.1.1)

PLATFORMS
  ruby

DEPENDENCIES
  activesupport (~> 3.2)
  builder
  bundler (~> 1.1)
  hashie (= 2.0.0.beta)!
  httparty
  jeweler (~> 1.8.3)
  rspec (~> 2.8.0)
  vcr (~> 2.1)
